GEM
  remote: https://rubygems.org/
  specs:
    yard (0.9.20)

PLATFORMS
  ruby

DEPENDENCIES
  yard!

RUBY VERSION
   ruby 2.6.5p114

BUNDLED WITH
   2.0.2
